GEM
  remote: https://rubygems.org/
  specs:
    kramdown (2.3.1)
      rexml
    rexml (3.2.5)

PLATFORMS
  ruby

DEPENDENCIES
  kramdown (~> 2.3)

BUNDLED WITH
   2.1.4
